GEM
  specs:
    jekyll-paginate (1.1.0)
    kramdown (1.9.0)
    rouge (1.10.1)

PLATFORMS
  ruby

DEPENDENCIES
  jekyll-paginate
  kramdown
  rouge

BUNDLED WITH
   1.11.2
